PATH
  remote: .
  specs:
    exceptiontrap (2.1.1)

GEM
  remote: https://rubygems.org/
  specs:
    rake (13.0.1)

PLATFORMS
  ruby

DEPENDENCIES
  exceptiontrap!
  rake

BUNDLED WITH
   1.17.3
