PATH
  remote: .
  specs:
    exceptiontrap (1.1.1)

GEM
  remote: https://rubygems.org/
  specs:
    rake (12.3.2)

PLATFORMS
  ruby

DEPENDENCIES
  exceptiontrap!
  rake

BUNDLED WITH
   1.17.3
